PATH
  remote: .
  specs:
    cheetah (0.0.13)
      httmultiparty
      resque
      resque-retry

GEM
  remote: http://rubygems.org/
  remote: http://gems.github.com/
  specs:
    columnize (0.3.6)
    debugger (1.5.0)
      columnize (>= 0.3.1)
      debugger-linecache (~> 1.2.0)
      debugger-ruby_core_source (~> 1.2.0)
    debugger-linecache (1.2.0)
    debugger-ruby_core_source (1.2.0)
    diff-lcs (1.1.3)
    fakeweb (1.3.0)
    httmultiparty (0.3.10)
      httparty (>= 0.7.3)
      multipart-post
    httparty (0.11.0)
      multi_json (~> 1.0)
      multi_xml (>= 0.5.2)
    json (1.6.1)
    linecache (0.46)
      rbx-require-relative (> 0.0.4)
    mono_logger (1.0.1)
    multi_json (1.7.2)
    multi_xml (0.5.3)
    multipart-post (1.2.0)
    rack (1.5.2)
    rack-protection (1.5.0)
      rack
    rbx-require-relative (0.0.5)
    redis (3.0.3)
    redis-namespace (1.2.1)
      redis (~> 3.0.0)
    resque (1.24.1)
      mono_logger (~> 1.0)
      multi_json (~> 1.0)
      redis-namespace (~> 1.2)
      sinatra (>= 0.9.2)
      vegas (~> 0.1.2)
    resque-retry (1.0.0)
      resque (>= 1.10.0)
      resque-scheduler (>= 1.9.9)
    resque-scheduler (2.0.1)
      redis (>= 2.0.1)
      resque (>= 1.20.0)
      rufus-scheduler
    rspec (2.7.0)
      rspec-core (~> 2.7.0)
      rspec-expectations (~> 2.7.0)
      rspec-mocks (~> 2.7.0)
    rspec-core (2.7.1)
    rspec-expectations (2.7.0)
      diff-lcs (~> 1.1.2)
    rspec-mocks (2.7.0)
    ruby-debug (0.10.4)
      columnize (>= 0.1)
      ruby-debug-base (~> 0.10.4.0)
    ruby-debug-base (0.10.4)
      linecache (>= 0.3)
    rufus-scheduler (2.0.18)
      tzinfo (>= 0.3.23)
    sinatra (1.4.2)
      rack (~> 1.5, >= 1.5.2)
      rack-protection (~> 1.4)
      tilt (~> 1.3, >= 1.3.4)
    tilt (1.3.7)
    timecop (0.6.1)
    tzinfo (0.3.37)
    vegas (0.1.11)
      rack (>= 1.0.0)

PLATFORMS
  ruby

DEPENDENCIES
  cheetah!
  debugger
  fakeweb
  json
  rspec
  ruby-debug
  timecop

BUNDLED WITH
   1.10.6
